GEM
  specs:
    excon (0.37.0)
    gibbon (1.1.3)
      httparty
      multi_json (>= 1.3.4)
    httparty (0.13.1)
      json (~> 1.8)
      multi_xml (>= 0.5.2)
    json (1.8.1)
    mailchimp-api (2.0.5)
      excon (>= 0.16.0)
      json (>= 1.7.7)
    mailgun-ruby (1.0.2)
      json (~> 1.8)
      rest-client (~> 1.6)
    mime-types (2.3)
    multi_json (1.10.1)
    multi_xml (0.5.5)
    netrc (0.7.7)
    rest-client (1.7.0.rc1)
      mime-types (~> 2.0)
      netrc (~> 0.7)

PLATFORMS
  ruby

DEPENDENCIES
  gibbon
  mailchimp-api
  mailgun-ruby (~> 1.0.2)
